NRRD0004
# Complete NRRD file format specification at:
# http://teem.sourceforge.net/nrrd/format.html
type: double
dimension: 4
space: left-posterior-superior
sizes: 78 56 34 12
space directions: none (1,0,0) (0,1,0) (0,0,1)
kinds: vector domain domain domain
endian: little
encoding: raw
space origin: (0,0,0)
data file: exp.raw
