NRRD0004
# Complete NRRD file format specification at:
# http://teem.sourceforge.net/nrrd/format.html
type: double
dimension: 3
space: left-posterior-superior
sizes: 3 100 100
space directions: (1,0,0) (0,1,0) (0,0,1)
kinds: domain domain domain
endian: little
encoding: raw
space origin: (0,0,0)
data file: cubic_12_geodesic_3.raw
