NRRD0004
# Complete NRRD file format specification at:
# http://teem.sourceforge.net/nrrd/format.html
type: double
dimension: 2
space dimension: 2
sizes: 100 100
space directions: (1,0) (0,1)
kinds: domain domain
endian: little
encoding: raw
space origin: (0,0)
data file: cubic2_alpha.raw
